GEM
  remote: http://rubygems.org/
  specs:
    haml (4.0.3)
      tilt
    rack (1.5.2)
    rack-flash3 (1.0.3)
      rack
      rack
    rack-openid (1.3.1)
      rack (>= 1.1.0)
      ruby-openid (>= 2.1.8)
    rack-protection (1.5.0)
      rack
    ruby-openid (2.2.3)
    sinatra (1.4.3)
      rack (~> 1.4)
      rack-protection (~> 1.4)
      tilt (~> 1.3, >= 1.3.4)
    tilt (1.4.1)
    warden (1.2.1)
      rack (>= 1.0)
    warden-openid (0.1.0)
      rack-openid
      warden

PLATFORMS
  ruby

DEPENDENCIES
  haml
  rack-flash3
  sinatra
  warden-openid
